GIT
  remote: git://github.com/malida/sprockets.git
  revision: 034e928aba288fa440ebd0aca157b7bf966a831e
  branch: sassc
  specs:
    sprockets (4.0.0)
      rack (~> 1.0)

GEM
  remote: http://rubygems.org/
  specs:
    ffi (1.9.10)
    rack (1.6.4)
    sass (3.4.16)
    sassc (1.5.1)
      bundler
      ffi (~> 1.9.6)
      sass (>= 3.3.0)
    tilt (2.0.1)

PLATFORMS
  ruby

DEPENDENCIES
  sassc
  sprockets!
  tilt

BUNDLED WITH
   1.10.6
