GIT
  remote: git://github.com/malida/sprockets.git
  revision: feced659df873ef3b6cd39f1e5951fe361f69ae5
  branch: sassc
  specs:
    sprockets (4.0.0)
      rack (~> 1.0)

GEM
  remote: http://rubygems.org/
  specs:
    ffi (1.9.10)
    rack (1.6.4)
    sass (3.4.16)
    sassc (1.6.0)
      bundler
      ffi (~> 1.9.6)
      sass (>= 3.3.0)

PLATFORMS
  ruby

DEPENDENCIES
  sassc
  sprockets!

BUNDLED WITH
   1.10.6
