GIT
  remote: git://github.com/malida/sprockets.git
  revision: c4bdc03f3d439824fd7ddc0e11cc9d6c3ec586cf
  branch: sassc
  specs:
    sprockets (4.0.0)
      rack (~> 1.0)

GEM
  remote: http://rubygems.org/
  specs:
    ffi (1.9.10)
    rack (1.6.4)
    sass (3.4.16)
    sassc (1.5.1)
      bundler
      ffi (~> 1.9.6)
      sass (>= 3.3.0)

PLATFORMS
  ruby

DEPENDENCIES
  sassc
  sprockets!

BUNDLED WITH
   1.10.6
